GEM
  remote: http://rubygems.org/
  specs:
    ruby-fann (1.1.3)

PLATFORMS
  ruby

DEPENDENCIES
  ruby-fann
