GEM
  remote: http://rubygems.org/
  specs:
    ruby-fann (1.1.3)
    thor (0.16.0)

PLATFORMS
  ruby

DEPENDENCIES
  ruby-fann
  thor
