GEM
  remote: http://rubygems.org/
  specs:
    eventmachine (1.0.0)
    ruby-fann (1.1.3)
    thor (0.16.0)

PLATFORMS
  ruby

DEPENDENCIES
  eventmachine
  ruby-fann
  thor
