GEM
  remote: http://rubygems.org/
  specs:
    addressable (2.3.2)
    cookiejar (0.3.0)
    em-http-request (1.0.3)
      addressable (>= 2.2.3)
      cookiejar
      em-socksify
      eventmachine (>= 1.0.0.beta.4)
      http_parser.rb (>= 0.5.3)
    em-socksify (0.2.1)
      eventmachine (>= 1.0.0.beta.4)
    em-websocket (0.3.8)
      addressable (>= 2.1.1)
      eventmachine (>= 0.12.9)
    eventmachine (1.0.0)
    http_parser.rb (0.5.3)
    json (1.7.6)
    ruby-fann (1.1.3)
    thor (0.16.0)

PLATFORMS
  ruby

DEPENDENCIES
  em-http-request
  em-websocket
  eventmachine
  json
  ruby-fann
  thor
